GIT
  remote: git://github.com/chatgris/blabbr_core.git
  revision: 34dfb0756bb702e2915d982854c24012d2a2b74c
  specs:
    blabbr_core (0.0.1)
      bson_ext (~> 1.5)
      fromage
      mongoid (~> 2.4)
      simple_states (~> 0.0.11)

PATH
  remote: .
  specs:
    blabbr_api (0.0.1)
      grape (~> 0.1.5)

GEM
  remote: http://rubygems.org/
  specs:
    activemodel (3.2.1)
      activesupport (= 3.2.1)
      builder (~> 3.0.0)
    activesupport (3.2.1)
      i18n (~> 0.6)
      multi_json (~> 1.0)
    autotest-standalone (4.5.9)
    bson (1.5.2)
    bson_ext (1.5.2)
      bson (= 1.5.2)
    builder (3.0.0)
    diff-lcs (1.1.3)
    fromage (0.0.3)
    fuubar (1.0.0)
      rspec (~> 2.0)
      rspec-instafail (~> 0.2.0)
      ruby-progressbar (~> 0.0.10)
    grape (0.1.5)
      multi_json
      multi_xml
      rack
      rack-jsonp
      rack-mount
    hashr (0.0.19)
    i18n (0.6.0)
    mongo (1.5.2)
      bson (= 1.5.2)
    mongoid (2.4.4)
      activemodel (~> 3.1)
      mongo (~> 1.3)
      tzinfo (~> 0.3.22)
    multi_json (1.1.0)
    multi_xml (0.4.1)
    rack (1.4.1)
    rack-jsonp (1.3.0)
      rack
    rack-mount (0.8.3)
      rack (>= 1.0.0)
    rack-test (0.6.1)
      rack (>= 1.0)
    rspec (2.8.0)
      rspec-core (~> 2.8.0)
      rspec-expectations (~> 2.8.0)
      rspec-mocks (~> 2.8.0)
    rspec-core (2.8.0)
    rspec-expectations (2.8.0)
      diff-lcs (~> 1.1.2)
    rspec-instafail (0.2.2)
    rspec-mocks (2.8.0)
    ruby-progressbar (0.0.10)
    simple_states (0.0.11)
      activesupport
      hashr (~> 0.0.10)
    tzinfo (0.3.31)

PLATFORMS
  ruby

DEPENDENCIES
  autotest-standalone
  blabbr_api!
  blabbr_core!
  fuubar
  rack-test
  rspec (~> 2.8)
